GEM
  remote: https://rubygems.org/
  specs:
    backports (3.6.4)
    byebug (9.0.6)
    json (2.0.2)
    multi_json (1.10.1)
    rack (1.6.5)
    rack-protection (1.5.3)
      rack
    rack-test (0.6.3)
      rack (>= 1.0)
    shotgun (0.9.1)
      rack (>= 1.0)
    sinatra (1.4.8)
      rack (~> 1.5)
      rack-protection (~> 1.4)
      tilt (>= 1.3, < 3)
    sinatra-contrib (1.4.2)
      backports (>= 2.0)
      multi_json
      rack-protection
      rack-test
      sinatra (~> 1.4.0)
      tilt (~> 1.3)
    tilt (1.4.1)

PLATFORMS
  ruby

DEPENDENCIES
  byebug
  json
  shotgun (~> 0.9.1)
  sinatra (~> 1.0)
  sinatra-contrib

BUNDLED WITH
   1.15.1
